GEM
  remote: http://rubygems.org/
  specs:
    backports (3.8.0)
    docile (1.1.5)
    hiredis (0.6.1)
    json (2.1.0)
    minitest (5.10.2)
    multi_json (1.12.1)
    mustermann (1.0.0)
    rack (2.0.3)
    rack-protection (2.0.0)
      rack
    rack-test (0.6.3)
      rack (>= 1.0)
    rake (12.0.0)
    redic (1.5.0)
      hiredis
    redic-cluster (0.0.6)
      redic
    simplecov (0.14.1)
      docile (~> 1.1.0)
      json (>= 1.8, < 3)
      simplecov-html (~> 0.10.0)
    simplecov-html (0.10.0)
    sinatra (2.0.0)
      mustermann (~> 1.0)
      rack (~> 2.0)
      rack-protection (= 2.0.0)
      tilt (~> 2.0)
    sinatra-contrib (2.0.0)
      backports (>= 2.0)
      multi_json
      mustermann (~> 1.0)
      rack-protection (= 2.0.0)
      sinatra (= 2.0.0)
      tilt (>= 1.3, < 3)
    tilt (2.0.7)

PLATFORMS
  ruby

DEPENDENCIES
  json
  minitest (~> 5.0)
  rack-test (~> 0.6.1)
  rake
  redic-cluster
  simplecov
  sinatra
  sinatra-contrib

BUNDLED WITH
   1.14.6
